GIT
  remote: git://github.com/guard/guard-compass.git
  revision: d066c9a96fd805bfdb75fe5f66881fc0f2c47f9d
  specs:
    guard-compass (1.0.0)
      compass (>= 0.10.5)
      guard (~> 2.0)

GIT
  remote: git://github.com/guard/guard-livereload.git
  revision: 9f8a6a7c84fdcaab382c9a0c7997f3d10ab15a3e
  specs:
    guard-livereload (2.1.0)
      em-websocket (~> 0.5)
      guard (~> 2.0)
      multi_json (~> 1.8)

GIT
  remote: git://github.com/guard/guard.git
  revision: c92def98a71d64632b27d87ff15450ce5330a522
  specs:
    guard (2.2.5)
      formatador (>= 0.2.4)
      listen (~> 2.1)
      lumberjack (~> 1.0)
      pry (>= 0.9.12)
      thor (>= 0.18.1)

GIT
  remote: git://github.com/johnbintz/rack-livereload.git
  revision: 13ac1c85f3f6bf6e93561983092f173d8cc6213b
  specs:
    rack-livereload (0.3.15)
      rack

GIT
  remote: git://github.com/nex3/rb-inotify.git
  revision: cb38ecc720e37d94d2007738a8c2b25658365f68
  specs:
    rb-inotify (0.9.3)
      ffi (>= 0.5.0)

GIT
  remote: git://github.com/ruhoh/ruhoh.rb.git
  revision: 19549b33f1c9cdad5db37cbc66018e412b0a8e59
  tag: v2.5
  specs:
    ruhoh (2.5)
      directory_watcher (~> 1.4.0)
      mustache (~> 0.99)
      nokogiri (~> 1.5)
      rack (~> 1.4)
      redcarpet (~> 2.1)

GEM
  remote: https://rubygems.org/
  specs:
    celluloid (0.15.2)
      timers (~> 1.1.0)
    chunky_png (1.2.9)
    coderay (1.1.0)
    compass (0.12.2)
      chunky_png (~> 1.2)
      fssm (>= 0.2.7)
      sass (~> 3.1)
    directory_watcher (1.4.1)
    em-websocket (0.5.0)
      eventmachine (>= 0.12.9)
      http_parser.rb (~> 0.5.3)
    eventmachine (1.0.3)
    ffi (1.9.3)
    formatador (0.2.4)
    fssm (0.2.10)
    http_parser.rb (0.5.3)
    kramdown (1.3.1)
    listen (2.4.0)
      celluloid (>= 0.15.2)
      rb-fsevent (>= 0.9.3)
      rb-inotify (>= 0.9)
    lumberjack (1.0.4)
    method_source (0.8.2)
    mini_portile (0.5.2)
    multi_json (1.8.2)
    mustache (0.99.5)
    nokogiri (1.6.1)
      mini_portile (~> 0.5.0)
    pry (0.9.12.4)
      coderay (~> 1.0)
      method_source (~> 0.8)
      slop (~> 3.4)
    rack (1.5.2)
    rb-fsevent (0.9.4)
    redcarpet (2.3.0)
    sass (3.2.13)
    slop (3.4.7)
    thor (0.18.1)
    timers (1.1.0)
    zurb-foundation (4.3.2)
      sass (>= 3.2.0)

PLATFORMS
  ruby

DEPENDENCIES
  guard!
  guard-compass!
  guard-livereload!
  kramdown (~> 1.3.1)
  rack-livereload!
  rb-inotify!
  ruhoh!
  wdm
  zurb-foundation
