GIT
  remote: git://github.com/guard/guard-livereload.git
  revision: 7e246f6fc6b7f6e309db6e4f5028baed9e5ee9c4
  specs:
    guard-livereload (2.0.0)
      em-websocket (~> 0.5)
      guard (~> 2.0)
      multi_json (~> 1.8)

GIT
  remote: git://github.com/guard/guard.git
  revision: 0b1c96ca90b644336f061153315220a6c185e3c6
  specs:
    guard (2.2.2)
      formatador (>= 0.2.4)
      listen (~> 2.1)
      lumberjack (~> 1.0)
      pry (>= 0.9.12)
      thor (>= 0.18.1)

GIT
  remote: git://github.com/johnbintz/rack-livereload.git
  revision: 13ac1c85f3f6bf6e93561983092f173d8cc6213b
  specs:
    rack-livereload (0.3.15)
      rack

GIT
  remote: git://github.com/nex3/rb-inotify.git
  revision: cca01ce38c9bc060c1ebbaf7e1234c64b99204f2
  specs:
    rb-inotify (0.9.2)
      ffi (>= 0.5.0)

GEM
  remote: https://rubygems.org/
  specs:
    celluloid (0.15.2)
      timers (~> 1.1.0)
    coderay (1.0.9)
    directory_watcher (1.4.1)
    em-websocket (0.5.0)
      eventmachine (>= 0.12.9)
      http_parser.rb (~> 0.5.3)
    eventmachine (1.0.3)
    ffi (1.9.3)
    formatador (0.2.4)
    http_parser.rb (0.5.3)
    kramdown (0.14.2)
    listen (2.2.0)
      celluloid (>= 0.15.2)
      rb-fsevent (>= 0.9.3)
      rb-inotify (>= 0.9)
    lumberjack (1.0.4)
    method_source (0.8.2)
    mini_portile (0.5.2)
    multi_json (1.8.2)
    mustache (0.99.4)
    nokogiri (1.6.0)
      mini_portile (~> 0.5.0)
    pry (0.9.12.2)
      coderay (~> 1.0.5)
      method_source (~> 0.8)
      slop (~> 3.4)
    rack (1.5.2)
    rb-fsevent (0.9.3)
    redcarpet (2.3.0)
    ruhoh (2.5)
      directory_watcher (~> 1.4.0)
      mustache (~> 0.99)
      nokogiri (~> 1.5)
      rack (~> 1.4)
      redcarpet (~> 2.1)
    slop (3.4.6)
    thor (0.18.1)
    timers (1.1.0)

PLATFORMS
  ruby

DEPENDENCIES
  guard!
  guard-livereload!
  kramdown (~> 0.14)
  rack-livereload!
  rb-inotify!
  ruhoh (~> 2)
  wdm
